GIT
  remote: git://github.com/seven1m/bible_xml.git
  revision: ab186efb3398df0f40a8f8537d2f954c191e1b62
  specs:
    bible_xml (0.1.0)
      nokogiri (>= 1.6.0)

GEM
  remote: https://rubygems.org/
  specs:
    bible_ref (0.2.1)
      parslet (~> 1.6)
    blankslate (2.1.2.4)
    mini_portile (0.6.2)
    multi_json (1.10.1)
    mysql2 (0.3.16)
    newrelic_rpm (3.9.1.236)
    nokogiri (1.6.6.2)
      mini_portile (~> 0.6.0)
    parslet (1.6.1)
      blankslate (~> 2.0)
    rack (1.5.2)
    rack-protection (1.5.3)
      rack
    sequel (4.13.0)
    sinatra (1.4.5)
      rack (~> 1.4)
      rack-protection (~> 1.4)
      tilt (~> 1.3, >= 1.3.4)
    sinatra-jsonp (0.4.3)
      multi_json (~> 1.8)
      sinatra (~> 1.0)
    tilt (1.4.1)

PLATFORMS
  ruby

DEPENDENCIES
  bible_ref
  bible_xml!
  mysql2
  newrelic_rpm
  sequel
  sinatra
  sinatra-jsonp
