GEM
  remote: https://rubygems.org/
  specs:
    bible_ref (0.2.0)
      parslet (~> 1.6)
    blankslate (2.1.2.4)
    mini_portile (0.6.0)
    mysql2 (0.3.16)
    newrelic_rpm (3.9.0.229)
    nokogiri (1.6.2.1)
      mini_portile (= 0.6.0)
    parslet (1.6.1)
      blankslate (~> 2.0)
    rack (1.5.2)
    rack-protection (1.5.3)
      rack
    sequel (4.12.0)
    sinatra (1.4.5)
      rack (~> 1.4)
      rack-protection (~> 1.4)
      tilt (~> 1.3, >= 1.3.4)
    tilt (1.4.1)
    usfx (0.1.3)
      nokogiri (>= 1.6.0)

PLATFORMS
  ruby

DEPENDENCIES
  bible_ref
  mysql2
  newrelic_rpm
  sequel
  sinatra
  usfx
