GEM
  remote: https://rubygems.org/
  specs:
    bible_parser (1.0.0)
      nokogiri (>= 1.6.0)
    bible_ref (1.1.3)
      parslet (~> 1.6)
    mini_portile2 (2.4.0)
    multi_json (1.13.1)
    mustermann (1.0.3)
    mysql2 (0.5.2)
    newrelic_rpm (6.1.0.352)
    nokogiri (1.10.1)
      mini_portile2 (~> 2.4.0)
    parslet (1.8.2)
    rack (2.0.6)
    rack-protection (2.0.5)
      rack
    sequel (5.18.0)
    sinatra (2.0.5)
      mustermann (~> 1.0)
      rack (~> 2.0)
      rack-protection (= 2.0.5)
      tilt (~> 2.0)
    sinatra-jsonp (0.5.0)
      multi_json (~> 1.8)
      sinatra (>= 1.0)
    tilt (2.0.9)

PLATFORMS
  ruby

DEPENDENCIES
  bible_parser
  bible_ref
  mysql2
  newrelic_rpm
  sequel
  sinatra
  sinatra-jsonp

BUNDLED WITH
   1.17.3
